GEM
  remote: http://rubygems.org/
  specs:
    highline (1.6.1)
    net-ssh (2.1.0)
    open4 (1.0.1)
    rake (0.8.7)
    trollop (1.16.2)

PLATFORMS
  ruby

DEPENDENCIES
  highline (~> 1.6.1)
  net-ssh (~> 2.1.0)
  open4 (~> 1.0.1)
  rake (= 0.8.7)
  trollop (~> 1.16.2)
